GEM
  remote: https://rubygems.org/
  specs:
    nio4r (2.5.9)
    puma (6.3.1)
      nio4r (~> 2.0)
    rack (3.0.8)
    zeitwerk (2.6.12)

PLATFORMS
  arm64-darwin-22

DEPENDENCIES
  puma (~> 6.3)
  rack (~> 3.0)
  zeitwerk (~> 2.6)

BUNDLED WITH
   2.4.19
